GEM
  remote: http://rubygems.org/
  specs:
    colored (1.2)
    cri (2.3.0)
      colored (>= 1.2)
    nanoc (3.4.2)
      cri (~> 2.2)

PLATFORMS
  ruby

DEPENDENCIES
  nanoc
