GEM
  remote: http://rubygems.org/
  specs:
    adsf (1.1.1)
      rack (>= 1.0.0)
    colored (1.2)
    cri (2.3.0)
      colored (>= 1.2)
    nanoc (3.4.2)
      cri (~> 2.2)
    rack (1.4.1)
    watchr (0.7)

PLATFORMS
  ruby

DEPENDENCIES
  adsf
  nanoc
  watchr
